PATH
  remote: .
  specs:
    smile-identity-core (2.0.0)
      rubyzip (~> 1.2, >= 1.2.3)
      typhoeus (~> 1.0, >= 1.0.1)

GEM
  remote: https://rubygems.org/
  specs:
    addressable (2.8.0)
      public_suffix (>= 2.0.2, < 5.0)
    crack (0.4.5)
      rexml
    diff-lcs (1.3)
    docile (1.1.5)
    ethon (0.14.0)
      ffi (>= 1.15.0)
    ffi (1.15.0)
    hashdiff (1.0.1)
    json (2.5.1)
    public_suffix (4.0.7)
    rake (12.3.3)
    rexml (3.2.5)
    rspec (3.8.0)
      rspec-core (~> 3.8.0)
      rspec-expectations (~> 3.8.0)
      rspec-mocks (~> 3.8.0)
    rspec-core (3.8.1)
      rspec-support (~> 3.8.0)
    rspec-expectations (3.8.4)
      diff-lcs (>= 1.2.0, < 2.0)
      rspec-support (~> 3.8.0)
    rspec-mocks (3.8.1)
      diff-lcs (>= 1.2.0, < 2.0)
      rspec-support (~> 3.8.0)
    rspec-support (3.8.2)
    rubyzip (1.3.0)
    simplecov (0.12.0)
      docile (~> 1.1.0)
      json (>= 1.8, < 3)
      simplecov-html (~> 0.10.0)
    simplecov-html (0.10.2)
    timecop (0.9.5)
    typhoeus (1.4.0)
      ethon (>= 0.9.0)
    vcr (6.1.0)
    webmock (3.14.0)
      addressable (>= 2.8.0)
      crack (>= 0.3.2)
      hashdiff (>= 0.4.0, < 2.0.0)

PLATFORMS
  ruby

DEPENDENCIES
  bundler (~> 2.0)
  rake (~> 12.3)
  rspec (~> 3.0)
  simplecov (~> 0.12.0)
  smile-identity-core!
  timecop (~> 0.9.5)
  vcr (~> 6.1)
  webmock (~> 3.14.0)

BUNDLED WITH
   2.2.25
