GEM
  remote: https://rubygems.org/
  specs:
    dotenv (2.8.1)
    ethon (0.15.0)
      ffi (>= 1.15.0)
    ffi (1.15.5)
    rubyzip (1.3.0)
    securerandom (0.2.0)
    smile-identity-core (1.2.1)
      rubyzip (~> 1.2, >= 1.2.3)
      typhoeus (~> 1.0, >= 1.0.1)
    typhoeus (1.4.0)
      ethon (>= 0.9.0)

PLATFORMS
  x86_64-darwin-20

DEPENDENCIES
  dotenv
  securerandom
  smile-identity-core

BUNDLED WITH
   2.2.6
